GEM
  remote: https://rubygems.org/
  specs:
    awesome_print (1.7.0)
    down (4.5.0)
    looksee (4.0.0)
    progressbar (1.9.0)
    rubyzip (1.2.1)
    slop (4.6.2)
    wirble (0.1.3)

PLATFORMS
  ruby

DEPENDENCIES
  awesome_print
  down (~> 4.4)
  looksee
  progressbar
  rubyzip (= 1.2.1)
  slop (= 4.6.2)
  wirble

BUNDLED WITH
   1.16.2
